GEM
  remote: https://rubygems.org/
  specs:
    addressable (2.3.8)
    guillotine (1.4.2)
      addressable (~> 2.3.0)
      sinatra (~> 1.4.0)
    passenger (5.0.22)
      rack
      rake (>= 0.8.1)
    rack (1.6.4)
    rack-protection (1.5.3)
      rack
    rake (10.4.2)
    sinatra (1.4.6)
      rack (~> 1.4)
      rack-protection (~> 1.4)
      tilt (>= 1.3, < 3)
    tilt (2.0.1)

PLATFORMS
  ruby

DEPENDENCIES
  guillotine
  passenger

BUNDLED WITH
   1.10.6
